GEM
  remote: https://rubygems.org/
  specs:
    commonjs (0.2.6)
    diff-lcs (1.2.4)
    fakefs (0.4.2)
    less (2.3.2)
      commonjs (~> 0.2.6)
    libv8 (3.11.8.17)
    maruku (0.6.1)
      syntax (>= 1.0.0)
    mini_portile (0.5.1)
    mustache (0.99.4)
    nokogiri (1.6.0)
      mini_portile (~> 0.5.0)
    ref (1.0.5)
    rspec (2.13.0)
      rspec-core (~> 2.13.0)
      rspec-expectations (~> 2.13.0)
      rspec-mocks (~> 2.13.0)
    rspec-core (2.13.1)
    rspec-expectations (2.13.0)
      diff-lcs (>= 1.1.3, < 2.0)
    rspec-mocks (2.13.1)
    rubypants (0.2.0)
    syntax (1.0.0)
    therubyracer (0.11.4)
      libv8 (~> 3.11.8.12)
      ref
    watchr (0.7)

PLATFORMS
  ruby

DEPENDENCIES
  fakefs
  less
  maruku
  mustache
  nokogiri
  rspec
  rubypants
  therubyracer
  watchr
